GEM
  remote: https://rubygems.org/
  specs:
    feature_flipper (1.3.0)
    minitest (5.14.4)
    rake (10.5.0)
    rr (3.0.5)

PLATFORMS
  ruby

DEPENDENCIES
  feature_flipper (~> 1.3)
  minitest
  rake (~> 10.0)
  rr

BUNDLED WITH
   1.17.3
