GEM
  remote: https://rubygems.org/
  specs:
    feature_flipper (2.0.0)
    minitest (5.14.4)
    rake (13.0.3)
    rr (3.0.0)

PLATFORMS
  ruby

DEPENDENCIES
  feature_flipper (~> 2.0)
  minitest
  rake (~> 13.0)
  rr

BUNDLED WITH
   1.17.3
