GEM
  remote: https://rubygems.org/
  specs:
    feature_flipper (1.3.0)
    minitest (5.15.0)
    rake (13.0.6)
    rr (3.0.9)

PLATFORMS
  ruby

DEPENDENCIES
  feature_flipper (~> 1.3)
  minitest
  rake (~> 13.0)
  rr

BUNDLED WITH
   1.17.3
